GEM
  remote: http://rubygems.org/
  specs:
    haml (3.0.25)
    rack (1.2.1)
    sequel (3.19.0)
    sinatra (1.1.2)
      rack (~> 1.1)
      tilt (~> 1.2)
    sinatra-sequel (0.9.0)
      sequel (>= 3.2.0)
      sinatra (>= 0.9.4)
    sqlite3 (1.3.3)
    tilt (1.2.2)

PLATFORMS
  ruby

DEPENDENCIES
  haml
  sinatra (>= 1.1.2)
  sinatra-sequel
  sqlite3
